PATH
  remote: .
  specs:
    kelredd-pruview (0.2.4)
      flvtool2
      mini_magick (~> 3.0)

GEM
  remote: http://rubygems.org/
  specs:
    flvtool2 (1.0.6)
    leftright (0.9.1)
    mini_magick (3.2)
      subexec (~> 0.0.4)
    rake (0.9.2)
    subexec (0.0.4)
    test-belt (2.0.0)
      leftright (~> 0.9.0)

PLATFORMS
  ruby

DEPENDENCIES
  bundler (~> 1.0)
  kelredd-pruview!
  rake
  test-belt (~> 2.0)
