PATH
  remote: .
  specs:
    kelredd-pruview (0.2.3)
      flvtool2
      mini_magick (~> 3.0)

GEM
  remote: http://rubygems.org/
  specs:
    flvtool2 (1.0.6)
    json (1.4.6)
    kelredd-useful (0.4.2)
      json
    leftright (0.9.1)
    mini_magick (3.2)
      subexec (~> 0.0.4)
    rake (0.9.2)
    shoulda (2.11.3)
    subexec (0.0.4)
    test-belt (1.1.2)
      leftright (~> 0.9.0)

PLATFORMS
  ruby

DEPENDENCIES
  bundler (~> 1.0)
  kelredd-pruview!
  kelredd-useful (>= 0.4.0)
  leftright (>= 0.0.6)
  rake
  shoulda (>= 2.10.0)
  test-belt (~> 1.0)
